GEM
  remote: https://rubygems.org/
  specs:
    Ascii85 (1.1.0)
    afm (0.2.2)
    hashery (2.1.2)
    nokogiri (1.12.3-x86_64-linux)
      racc (~> 1.4)
    pdf-reader (2.5.0)
      Ascii85 (~> 1.0)
      afm (~> 0.2.1)
      hashery (~> 2.0)
      ruby-rc4
      ttfunk
    racc (1.5.2)
    ruby-rc4 (0.1.5)
    ttfunk (1.7.0)

PLATFORMS
  x86_64-linux

DEPENDENCIES
  nokogiri
  pdf-reader

BUNDLED WITH
   2.2.17
